GIT
  remote: https://github.com/opal/opal-browser.git
  revision: dff179fd08b44d19b6558aa7c429e1cee4770487
  specs:
    opal-browser (0.2.0.beta1)
      opal
      paggio

GIT
  remote: https://github.com/opal/opal.git
  revision: a7d15256bdd90e01f125fe44d6a7f429c0de3b1d
  specs:
    opal (0.7.1)
      hike (~> 1.2)
      sourcemap (~> 0.1.0)
      sprockets (>= 2.2.3, < 4.0.0)
      tilt (~> 1.4)

GEM
  remote: https://rubygems.org/
  specs:
    hike (1.2.3)
    multi_json (1.11.0)
    paggio (0.2.4)
    rack (1.6.0)
    shotgun (0.9.1)
      rack (>= 1.0)
    sourcemap (0.1.1)
    sprockets (2.12.3)
      hike (~> 1.2)
      multi_json (~> 1.0)
      rack (~> 1.0)
      tilt (~> 1.1, != 1.3.0)
    tilt (1.4.1)

PLATFORMS
  ruby

DEPENDENCIES
  opal!
  opal-browser!
  shotgun
